STORAGE: NONE
RESTRICTION: || (== net5.0) (== netstandard2.0)
NUGET
  remote: https://api.nuget.org/v3/index.json
    Fable.Browser.Blob (1.1.4)
      Fable.Core (>= 3.0)
      FSharp.Core (>= 4.7.2)
    Fable.Browser.Dom (2.6)
      Fable.Browser.Blob (>= 1.1.4)
      Fable.Browser.Event (>= 1.4.5)
      Fable.Browser.WebStorage (>= 1.0.4)
      Fable.Core (>= 3.0)
      FSharp.Core (>= 4.7.2)
    Fable.Browser.Event (1.4.5)
      Fable.Browser.Gamepad (>= 1.0.3)
      Fable.Core (>= 3.0)
      FSharp.Core (>= 4.7.2)
    Fable.Browser.Gamepad (1.0.3)
      Fable.Core (>= 3.0)
      FSharp.Core (>= 4.7.2)
    Fable.Browser.WebStorage (1.0.4)
      Fable.Browser.Event (>= 1.4.4)
      Fable.Core (>= 3.0)
      FSharp.Core (>= 4.7.2)
    Fable.Core (3.4)
      FSharp.Core (>= 4.7.2)
    Fable.Elmish (3.1)
      Fable.Core (>= 3.0)
      FSharp.Core (>= 4.6.2)
    Fable.Elmish.Browser (3.0.4)
      Fable.Browser.Dom (>= 1.0)
      Fable.Core (>= 3.0)
      Fable.Elmish (>= 3.0)
      FSharp.Core (>= 4.6.2)
    Fable.Elmish.Debugger (3.3)
      Fable.Core (>= 3.2.8)
      Fable.Elmish (>= 3.0)
      FSharp.Core (>= 4.7.2)
      Thoth.Json (>= 6.0)
    Fable.Elmish.React (3.0.1)
      Fable.Core (>= 3.0)
      Fable.Elmish (>= 3.0)
      Fable.React (>= 5.1)
      FSharp.Core (>= 4.6.2)
    Fable.Fetch (2.4)
      Fable.Browser.Blob (>= 1.1.4)
      Fable.Core (>= 3.1.5)
      Fable.Promise (>= 2.2.2)
      FSharp.Core (>= 4.7.2)
    Fable.Promise (3.1)
      Fable.Core (>= 3.1.5)
      FSharp.Core (>= 4.7.2)
    Fable.React (7.4.2)
      Fable.Browser.Dom (>= 2.4.4)
      Fable.Core (>= 3.2.7)
      FSharp.Core (>= 4.7.2)
    FSharp.Core (6.0)
    linq2db (3.4.5)
      Microsoft.Bcl.AsyncInterfaces (>= 5.0) - restriction: || (&& (== net5.0) (>= net472)) (&& (== net5.0) (< netstandard2.1)) (== netstandard2.0)
      Microsoft.CSharp (>= 4.7) - restriction: || (&& (== net5.0) (< netcoreapp2.1)) (== netstandard2.0)
      System.ComponentModel.Annotations (>= 4.7) - restriction: || (== net5.0) (&& (== netstandard2.0) (>= netcoreapp3.1))
      System.ComponentModel.Annotations (>= 5.0) - restriction: || (&& (== net5.0) (< netcoreapp2.1)) (&& (== net5.0) (< netstandard2.1)) (== netstandard2.0)
      System.Data.DataSetExtensions (>= 4.5) - restriction: || (&& (== net5.0) (< netstandard2.1)) (== netstandard2.0)
    Microsoft.AspNetCore.Hosting.Abstractions (2.2) - restriction: || (&& (== net5.0) (< netcoreapp3.1)) (&& (== net5.0) (< netstandard2.1)) (== netstandard2.0)
      Microsoft.AspNetCore.Hosting.Server.Abstractions (>= 2.2)
      Microsoft.AspNetCore.Http.Abstractions (>= 2.2)
      Microsoft.Extensions.Hosting.Abstractions (>= 2.2)
    Microsoft.AspNetCore.Hosting.Server.Abstractions (2.2) - restriction: || (&& (== net5.0) (< netcoreapp3.1)) (&& (== net5.0) (< netstandard2.1)) (== netstandard2.0)
      Microsoft.AspNetCore.Http.Features (>= 2.2)
      Microsoft.Extensions.Configuration.Abstractions (>= 2.2)
    Microsoft.AspNetCore.Http.Abstractions (2.2)
      Microsoft.AspNetCore.Http.Features (>= 2.2)
      System.Text.Encodings.Web (>= 4.5)
    Microsoft.AspNetCore.Http.Features (5.0.11) - restriction: || (&& (== net5.0) (< netcoreapp3.1)) (&& (== net5.0) (< netstandard2.1)) (== netstandard2.0)
      Microsoft.Extensions.Primitives (>= 5.0.1)
      System.IO.Pipelines (>= 5.0.1)
    Microsoft.AspNetCore.SpaServices.Extensions (5.0.10)
      Microsoft.Extensions.FileProviders.Physical (>= 5.0) - restriction: || (== net5.0) (&& (== netstandard2.0) (>= net5.0))
    Microsoft.Bcl.AsyncInterfaces (5.0) - restriction: || (&& (== net5.0) (>= net472)) (&& (== net5.0) (< netstandard2.1)) (== netstandard2.0)
      System.Threading.Tasks.Extensions (>= 4.5.4) - restriction: || (&& (== net5.0) (>= net461)) (&& (== net5.0) (< netcoreapp2.1) (< netstandard2.1)) (== netstandard2.0)
    Microsoft.CSharp (4.7) - restriction: || (&& (== net5.0) (< netcoreapp2.1)) (== netstandard2.0)
    Microsoft.Extensions.Configuration.Abstractions (5.0)
      Microsoft.Extensions.Primitives (>= 5.0)
    Microsoft.Extensions.Configuration.Binder (5.0)
      Microsoft.Extensions.Configuration.Abstractions (>= 5.0)
    Microsoft.Extensions.DependencyInjection (5.0.2)
      Microsoft.Bcl.AsyncInterfaces (>= 5.0) - restriction: || (&& (== net5.0) (>= net461)) (&& (== net5.0) (< netstandard2.1)) (== netstandard2.0)
      Microsoft.Extensions.DependencyInjection.Abstractions (>= 5.0)
      System.Threading.Tasks.Extensions (>= 4.5.4) - restriction: || (&& (== net5.0) (>= net461)) (&& (== net5.0) (< netcoreapp2.1) (< netstandard2.1)) (== netstandard2.0)
    Microsoft.Extensions.DependencyInjection.Abstractions (5.0)
    Microsoft.Extensions.DependencyModel (5.0)
      System.Buffers (>= 4.5.1) - restriction: || (&& (== net5.0) (>= monoandroid) (< netstandard1.3)) (&& (== net5.0) (>= monotouch)) (&& (== net5.0) (>= net461)) (&& (== net5.0) (< netcoreapp2.0)) (&& (== net5.0) (< netstandard2.0) (>= xamarintvos)) (&& (== net5.0) (< netstandard2.0) (>= xamarinwatchos)) (== netstandard2.0)
      System.Memory (>= 4.5.4) - restriction: || (&& (== net5.0) (>= net461)) (&& (== net5.0) (< netcoreapp2.0)) (&& (== net5.0) (< netcoreapp2.1)) (&& (== net5.0) (>= uap10.1)) (== netstandard2.0)
      System.Text.Encodings.Web (>= 5.0) - restriction: || (&& (== net5.0) (>= monoandroid) (< netstandard1.3)) (&& (== net5.0) (>= monotouch)) (&& (== net5.0) (>= net461)) (&& (== net5.0) (< netcoreapp2.0)) (&& (== net5.0) (< netcoreapp2.1)) (&& (== net5.0) (< netstandard2.0) (>= xamarintvos)) (&& (== net5.0) (< netstandard2.0) (>= xamarinwatchos)) (&& (== net5.0) (>= uap10.1)) (== netstandard2.0)
      System.Text.Json (>= 5.0) - restriction: || (&& (== net5.0) (>= monoandroid) (< netstandard1.3)) (&& (== net5.0) (>= monotouch)) (&& (== net5.0) (>= net461)) (&& (== net5.0) (< netcoreapp2.0)) (&& (== net5.0) (< netcoreapp2.1)) (&& (== net5.0) (< netstandard2.0) (>= xamarintvos)) (&& (== net5.0) (< netstandard2.0) (>= xamarinwatchos)) (&& (== net5.0) (>= uap10.1)) (== netstandard2.0)
    Microsoft.Extensions.FileProviders.Abstractions (5.0)
      Microsoft.Extensions.Primitives (>= 5.0)
    Microsoft.Extensions.FileProviders.Physical (5.0) - restriction: || (== net5.0) (&& (== netstandard2.0) (>= net5.0))
      Microsoft.Extensions.FileProviders.Abstractions (>= 5.0)
      Microsoft.Extensions.FileSystemGlobbing (>= 5.0)
      Microsoft.Extensions.Primitives (>= 5.0)
    Microsoft.Extensions.FileSystemGlobbing (5.0) - restriction: || (== net5.0) (&& (== netstandard2.0) (>= net5.0))
    Microsoft.Extensions.Hosting.Abstractions (5.0)
      Microsoft.Bcl.AsyncInterfaces (>= 5.0) - restriction: || (&& (== net5.0) (>= net461)) (&& (== net5.0) (< netstandard2.1)) (== netstandard2.0)
      Microsoft.Extensions.Configuration.Abstractions (>= 5.0)
      Microsoft.Extensions.DependencyInjection.Abstractions (>= 5.0)
      Microsoft.Extensions.FileProviders.Abstractions (>= 5.0)
      System.Threading.Tasks.Extensions (>= 4.5.4) - restriction: || (&& (== net5.0) (>= net461)) (&& (== net5.0) (< netcoreapp2.1) (< netstandard2.1)) (== netstandard2.0)
    Microsoft.Extensions.Logging (5.0)
      Microsoft.Extensions.DependencyInjection (>= 5.0)
      Microsoft.Extensions.DependencyInjection.Abstractions (>= 5.0)
      Microsoft.Extensions.Logging.Abstractions (>= 5.0)
      Microsoft.Extensions.Options (>= 5.0)
      System.Diagnostics.DiagnosticSource (>= 5.0) - restriction: || (&& (== net5.0) (>= net461)) (&& (== net5.0) (< netstandard2.1)) (== netstandard2.0)
    Microsoft.Extensions.Logging.Abstractions (5.0)
    Microsoft.Extensions.Options (5.0)
      Microsoft.Extensions.DependencyInjection.Abstractions (>= 5.0)
      Microsoft.Extensions.Primitives (>= 5.0)
    Microsoft.Extensions.Options.ConfigurationExtensions (5.0)
      Microsoft.Extensions.Configuration.Abstractions (>= 5.0)
      Microsoft.Extensions.Configuration.Binder (>= 5.0)
      Microsoft.Extensions.DependencyInjection.Abstractions (>= 5.0)
      Microsoft.Extensions.Options (>= 5.0)
      Microsoft.Extensions.Primitives (>= 5.0)
    Microsoft.Extensions.Primitives (5.0.1)
    Npgsql (5.0.10)
      Microsoft.Bcl.AsyncInterfaces (>= 1.1) - restriction: || (&& (== net5.0) (< netstandard2.1)) (== netstandard2.0)
      System.Memory (>= 4.5.3) - restriction: || (&& (== net5.0) (< netstandard2.1)) (== netstandard2.0)
      System.Runtime.CompilerServices.Unsafe (>= 4.6)
      System.Text.Json (>= 4.6) - restriction: || (&& (== net5.0) (< netcoreapp3.1)) (&& (== net5.0) (< netstandard2.1)) (== netstandard2.0)
      System.Threading.Channels (>= 4.7) - restriction: || (&& (== net5.0) (< netcoreapp3.1)) (&& (== net5.0) (< netstandard2.1)) (== netstandard2.0)
      System.Threading.Tasks.Extensions (>= 4.5.3) - restriction: || (&& (== net5.0) (< netstandard2.1)) (== netstandard2.0)
      System.ValueTuple (>= 4.5) - restriction: || (&& (== net5.0) (< netstandard2.1)) (== netstandard2.0)
    Serilog (2.10)
    Serilog.AspNetCore (4.1)
      Microsoft.AspNetCore.Hosting.Abstractions (>= 2.2) - restriction: || (&& (== net5.0) (< netcoreapp3.1)) (&& (== net5.0) (< netstandard2.1)) (== netstandard2.0)
      Microsoft.AspNetCore.Http.Abstractions (>= 2.2) - restriction: || (&& (== net5.0) (< netcoreapp3.1)) (&& (== net5.0) (< netstandard2.1)) (== netstandard2.0)
      Microsoft.Extensions.DependencyInjection (>= 2.2) - restriction: || (&& (== net5.0) (< netcoreapp3.1)) (&& (== net5.0) (< netstandard2.1)) (== netstandard2.0)
      Microsoft.Extensions.DependencyInjection (>= 5.0) - restriction: || (== net5.0) (&& (== netstandard2.0) (>= net5.0))
      Microsoft.Extensions.Logging (>= 2.2) - restriction: || (&& (== net5.0) (< netcoreapp3.1)) (&& (== net5.0) (< netstandard2.1)) (== netstandard2.0)
      Microsoft.Extensions.Logging (>= 5.0) - restriction: || (== net5.0) (&& (== netstandard2.0) (>= net5.0))
      Serilog (>= 2.10)
      Serilog.Extensions.Hosting (>= 4.1.2)
      Serilog.Formatting.Compact (>= 1.1)
      Serilog.Settings.Configuration (>= 3.1)
      Serilog.Sinks.Console (>= 3.1.1)
      Serilog.Sinks.Debug (>= 2.0)
      Serilog.Sinks.File (>= 4.1)
    Serilog.Enrichers.AspNetCore.HttpContext (1.0.1)
      Microsoft.AspNetCore.Http.Abstractions (>= 2.0)
      Microsoft.Extensions.Options (>= 2.0)
      Serilog (>= 2.5)
    Serilog.Enrichers.Thread (3.1)
      Serilog (>= 2.3)
    Serilog.Extensions.Hosting (4.1.2)
      Microsoft.Extensions.DependencyInjection.Abstractions (>= 3.1.8)
      Microsoft.Extensions.Hosting.Abstractions (>= 3.1.8)
      Microsoft.Extensions.Logging.Abstractions (>= 3.1.8)
      Serilog (>= 2.10)
      Serilog.Extensions.Logging (>= 3.0.1)
    Serilog.Extensions.Logging (3.0.1)
      Microsoft.Extensions.Logging (>= 2.0)
      Serilog (>= 2.8)
    Serilog.Formatting.Compact (1.1)
      Serilog (>= 2.8)
    Serilog.Settings.Configuration (3.3)
      Microsoft.Extensions.DependencyModel (>= 3.0)
      Microsoft.Extensions.Options.ConfigurationExtensions (>= 2.0)
      Serilog (>= 2.10)
    Serilog.Sinks.Async (1.5)
      Serilog (>= 2.9)
    Serilog.Sinks.Console (4.0)
      Serilog (>= 2.10)
    Serilog.Sinks.Debug (2.0)
      Serilog (>= 2.10)
    Serilog.Sinks.File (5.0)
      Serilog (>= 2.10)
    System.Buffers (4.5.1) - restriction: || (&& (== net5.0) (>= monoandroid) (< netstandard2.0)) (&& (== net5.0) (>= monotouch)) (&& (== net5.0) (>= net461)) (&& (== net5.0) (< netcoreapp2.0)) (&& (== net5.0) (< netstandard2.0) (>= xamarintvos)) (&& (== net5.0) (< netstandard2.0) (>= xamarinwatchos)) (== netstandard2.0)
    System.ComponentModel.Annotations (5.0)
    System.Data.DataSetExtensions (4.5) - restriction: || (&& (== net5.0) (< netstandard2.1)) (== netstandard2.0)
    System.Diagnostics.DiagnosticSource (5.0.1) - restriction: || (&& (== net5.0) (>= net461)) (&& (== net5.0) (< netstandard2.1)) (== netstandard2.0)
      System.Memory (>= 4.5.4) - restriction: || (&& (== net5.0) (>= net45) (< netstandard1.3)) (&& (== net5.0) (>= net46)) (&& (== net5.0) (< netcoreapp2.1)) (&& (== net5.0) (< netstandard2.0)) (&& (== net5.0) (>= uap10.1)) (== netstandard2.0)
      System.Runtime.CompilerServices.Unsafe (>= 5.0) - restriction: || (&& (== net5.0) (>= monoandroid) (< netstandard1.1)) (&& (== net5.0) (>= monotouch)) (&& (== net5.0) (>= net45) (< netstandard1.3)) (&& (== net5.0) (>= net46)) (&& (== net5.0) (< netcoreapp2.1)) (&& (== net5.0) (< netcoreapp3.0)) (&& (== net5.0) (< netstandard2.0)) (&& (== net5.0) (>= uap10.1)) (== netstandard2.0)
    System.IO.Pipelines (5.0.1) - restriction: || (&& (== net5.0) (>= net461)) (&& (== net5.0) (< netcoreapp3.1)) (&& (== net5.0) (< netstandard2.1)) (== netstandard2.0)
      System.Buffers (>= 4.5.1) - restriction: || (&& (== net5.0) (>= monoandroid) (< netstandard1.3)) (&& (== net5.0) (>= monotouch)) (&& (== net5.0) (>= net461)) (&& (== net5.0) (< netcoreapp2.0)) (&& (== net5.0) (< netstandard2.0)) (&& (== net5.0) (>= xamarinios)) (&& (== net5.0) (>= xamarinmac)) (&& (== net5.0) (>= xamarintvos)) (&& (== net5.0) (>= xamarinwatchos)) (== netstandard2.0)
      System.Memory (>= 4.5.4) - restriction: || (&& (== net5.0) (>= net461)) (&& (== net5.0) (< netcoreapp2.0)) (&& (== net5.0) (< netcoreapp2.1)) (&& (== net5.0) (< netstandard2.0)) (&& (== net5.0) (>= uap10.1)) (== netstandard2.0)
      System.Threading.Tasks.Extensions (>= 4.5.4) - restriction: || (&& (== net5.0) (>= net461)) (&& (== net5.0) (< netcoreapp2.0)) (&& (== net5.0) (< netcoreapp2.1)) (&& (== net5.0) (< netstandard2.0)) (&& (== net5.0) (>= uap10.1)) (== netstandard2.0)
    System.Memory (4.5.4) - restriction: || (&& (== net5.0) (>= net461)) (&& (== net5.0) (< netcoreapp2.0)) (&& (== net5.0) (< netcoreapp2.1)) (&& (== net5.0) (>= uap10.1)) (== netstandard2.0)
      System.Buffers (>= 4.5.1) - restriction: || (&& (== net5.0) (>= monotouch)) (&& (== net5.0) (>= net461)) (&& (== net5.0) (< netcoreapp2.0)) (&& (== net5.0) (< netstandard1.1)) (&& (== net5.0) (< netstandard2.0)) (&& (== net5.0) (>= xamarinios)) (&& (== net5.0) (>= xamarinmac)) (&& (== net5.0) (>= xamarintvos)) (&& (== net5.0) (>= xamarinwatchos)) (== netstandard2.0)
      System.Numerics.Vectors (>= 4.4) - restriction: || (&& (== net5.0) (< netcoreapp2.0)) (== netstandard2.0)
      System.Runtime.CompilerServices.Unsafe (>= 4.5.3) - restriction: || (&& (== net5.0) (>= monotouch)) (&& (== net5.0) (>= net461)) (&& (== net5.0) (< netcoreapp2.0)) (&& (== net5.0) (< netcoreapp2.1)) (&& (== net5.0) (< netstandard1.1)) (&& (== net5.0) (< netstandard2.0)) (&& (== net5.0) (>= uap10.1)) (&& (== net5.0) (>= xamarinios)) (&& (== net5.0) (>= xamarinmac)) (&& (== net5.0) (>= xamarintvos)) (&& (== net5.0) (>= xamarinwatchos)) (== netstandard2.0)
    System.Numerics.Vectors (4.5) - restriction: || (&& (== net5.0) (>= net461)) (&& (== net5.0) (< netcoreapp2.0)) (== netstandard2.0)
    System.Runtime.CompilerServices.Unsafe (5.0)
    System.Text.Encodings.Web (5.0.1) - restriction: || (&& (== net5.0) (>= monoandroid) (< netstandard2.0)) (&& (== net5.0) (>= monotouch)) (&& (== net5.0) (>= net461)) (&& (== net5.0) (< netcoreapp2.0)) (&& (== net5.0) (< netcoreapp2.1)) (&& (== net5.0) (< netcoreapp3.0)) (&& (== net5.0) (< netcoreapp3.1)) (&& (== net5.0) (< netstandard2.0) (>= xamarintvos)) (&& (== net5.0) (< netstandard2.0) (>= xamarinwatchos)) (&& (== net5.0) (< netstandard2.1)) (&& (== net5.0) (>= uap10.1)) (== netstandard2.0)
      System.Buffers (>= 4.5.1) - restriction: || (&& (== net5.0) (>= net461)) (&& (== net5.0) (< netcoreapp2.0) (< netstandard2.1)) (== netstandard2.0)
      System.Memory (>= 4.5.4) - restriction: || (&& (== net5.0) (>= net461)) (&& (== net5.0) (< netcoreapp2.0) (< netstandard2.1)) (&& (== net5.0) (< netcoreapp2.1) (< netstandard2.1)) (&& (== net5.0) (>= uap10.1)) (== netstandard2.0)
    System.Text.Json (5.0.2) - restriction: || (&& (== net5.0) (>= monoandroid) (< netstandard1.3)) (&& (== net5.0) (>= monotouch)) (&& (== net5.0) (>= net461)) (&& (== net5.0) (< netcoreapp2.0)) (&& (== net5.0) (< netcoreapp2.1)) (&& (== net5.0) (< netcoreapp3.1)) (&& (== net5.0) (< netstandard2.0) (>= xamarintvos)) (&& (== net5.0) (< netstandard2.0) (>= xamarinwatchos)) (&& (== net5.0) (< netstandard2.1)) (&& (== net5.0) (>= uap10.1)) (== netstandard2.0)
      Microsoft.Bcl.AsyncInterfaces (>= 5.0) - restriction: || (&& (== net5.0) (>= monoandroid) (< netstandard2.0)) (&& (== net5.0) (>= monotouch)) (&& (== net5.0) (>= net461)) (&& (== net5.0) (< netcoreapp2.0)) (&& (== net5.0) (< netcoreapp2.1)) (&& (== net5.0) (< netcoreapp3.0)) (&& (== net5.0) (< netstandard2.0) (>= xamarintvos)) (&& (== net5.0) (< netstandard2.0) (>= xamarinwatchos)) (&& (== net5.0) (>= uap10.1)) (== netstandard2.0)
      System.Buffers (>= 4.5.1) - restriction: || (&& (== net5.0) (>= monoandroid) (< netstandard2.0)) (&& (== net5.0) (>= monotouch)) (&& (== net5.0) (>= net461)) (&& (== net5.0) (< netcoreapp2.0)) (&& (== net5.0) (< netstandard2.0) (>= xamarintvos)) (&& (== net5.0) (< netstandard2.0) (>= xamarinwatchos)) (== netstandard2.0)
      System.Memory (>= 4.5.4) - restriction: || (&& (== net5.0) (>= net461)) (&& (== net5.0) (< netcoreapp2.0)) (&& (== net5.0) (< netcoreapp2.1)) (&& (== net5.0) (>= uap10.1)) (== netstandard2.0)
      System.Numerics.Vectors (>= 4.5) - restriction: || (&& (== net5.0) (>= net461)) (&& (== net5.0) (< netcoreapp2.0)) (== netstandard2.0)
      System.Runtime.CompilerServices.Unsafe (>= 5.0) - restriction: || (&& (== net5.0) (>= monoandroid) (< netstandard2.0)) (&& (== net5.0) (>= monotouch)) (&& (== net5.0) (>= net461)) (&& (== net5.0) (< netcoreapp2.0)) (&& (== net5.0) (< netcoreapp2.1)) (&& (== net5.0) (< netcoreapp3.0)) (&& (== net5.0) (< netstandard2.0) (>= xamarintvos)) (&& (== net5.0) (< netstandard2.0) (>= xamarinwatchos)) (&& (== net5.0) (>= uap10.1)) (== netstandard2.0)
      System.Text.Encodings.Web (>= 5.0.1) - restriction: || (&& (== net5.0) (>= monoandroid) (< netstandard2.0)) (&& (== net5.0) (>= monotouch)) (&& (== net5.0) (>= net461)) (&& (== net5.0) (< netcoreapp2.0)) (&& (== net5.0) (< netcoreapp2.1)) (&& (== net5.0) (< netcoreapp3.0)) (&& (== net5.0) (< netstandard2.0) (>= xamarintvos)) (&& (== net5.0) (< netstandard2.0) (>= xamarinwatchos)) (&& (== net5.0) (>= uap10.1)) (== netstandard2.0)
      System.Threading.Tasks.Extensions (>= 4.5.4) - restriction: || (&& (== net5.0) (>= net461)) (&& (== net5.0) (< netcoreapp2.0)) (&& (== net5.0) (< netcoreapp2.1)) (&& (== net5.0) (>= uap10.1)) (== netstandard2.0)
    System.Threading.Channels (5.0) - restriction: || (&& (== net5.0) (< netcoreapp3.1)) (&& (== net5.0) (< netstandard2.1)) (== netstandard2.0)
      System.Threading.Tasks.Extensions (>= 4.5.4) - restriction: || (&& (== net5.0) (>= net461)) (&& (== net5.0) (< netcoreapp2.1) (< netstandard2.1)) (&& (== net5.0) (< netstandard2.0)) (== netstandard2.0)
    System.Threading.Tasks.Extensions (4.5.4) - restriction: || (&& (== net5.0) (>= net461)) (&& (== net5.0) (>= net472)) (&& (== net5.0) (< netcoreapp2.1) (< netstandard2.1)) (== netstandard2.0)
      System.Runtime.CompilerServices.Unsafe (>= 4.5.3) - restriction: || (&& (== net5.0) (>= net461)) (&& (== net5.0) (< netcoreapp2.1)) (&& (== net5.0) (< netstandard1.0)) (&& (== net5.0) (< netstandard2.0)) (&& (== net5.0) (>= wp8)) (== netstandard2.0)
    System.ValueTuple (4.5) - restriction: || (&& (== net5.0) (< netstandard2.1)) (== netstandard2.0)
    Thoth.Json (6.0)
      Fable.Core (>= 3.1.6)
      FSharp.Core (>= 4.7.2)
